GEM
  remote: https://rubygems.org/
  specs:
    rack (2.0.1)
    rack-app (5.12.0)
      rack
    rack-test (0.6.3)
      rack (>= 1.0)

PLATFORMS
  ruby

DEPENDENCIES
  rack-app (~> 5.12)
  rack-test

BUNDLED WITH
   1.14.6
