GEM
  remote: https://rubygems.org/
  specs:
    minitest (5.10.1)
    rack (2.0.1)
    rack-app (6.4.1)
      rack
    rake (12.0.0)

PLATFORMS
  ruby

DEPENDENCIES
  minitest
  rack-app (>= 6.4.1)
  rake

BUNDLED WITH
   1.14.6
